GIT
  remote: git://github.com/c00lryguy/rack-pagespeed.git
  revision: 376677bb0de9aa428919a45aca56d8390f64c4c7
  ref: 376677bb0de9aa428919
  specs:
    rack-pagespeed (1.0.8)
      dalli
      jsmin
      nokogiri

GIT
  remote: git://github.com/grosser/ultraviolet.git
  revision: f2711cced7d3ccbcbc40c013c0a917929c8cd065
  specs:
    ultraviolet1x (0.14.0)
      textpow1x (>= 0.11.0)

GEM
  remote: http://rubygems.org/
  specs:
    addressable (2.2.6)
    bcrypt-ruby (3.0.1)
    dalli (1.1.4)
    data_objects (0.10.7)
      addressable (~> 2.1)
    dm-core (1.2.0)
      addressable (~> 2.2.6)
    dm-do-adapter (1.2.0)
      data_objects (~> 0.10.6)
      dm-core (~> 1.2.0)
    dm-migrations (1.2.0)
      dm-core (~> 1.2.0)
    dm-sqlite-adapter (1.2.0)
      dm-do-adapter (~> 1.2.0)
      do_sqlite3 (~> 0.10.6)
    dm-timestamps (1.2.0)
      dm-core (~> 1.2.0)
    dm-types (1.2.1)
      bcrypt-ruby (~> 3.0.0)
      dm-core (~> 1.2.0)
      fastercsv (~> 1.5.4)
      json (~> 1.6.1)
      multi_json (~> 1.0.3)
      stringex (~> 1.3.0)
      uuidtools (~> 2.1.2)
    dm-validations (1.2.0)
      dm-core (~> 1.2.0)
    do_sqlite3 (0.10.7)
      data_objects (= 0.10.7)
    facets (2.9.3)
    fastercsv (1.5.4)
    haml (3.1.4)
    jsmin (1.0.1)
    json (1.6.5)
    multi_json (1.0.4)
    nokogiri (1.5.0)
    plist (3.1.0)
    rack (1.4.1)
    rack-protection (1.2.0)
      rack
    sass (3.1.12)
    shotgun (0.9)
      rack (>= 1.0)
    sinatra (1.3.2)
      rack (~> 1.3, >= 1.3.6)
      rack-protection (~> 1.2)
      tilt (~> 1.3, >= 1.3.3)
    sinatra-flash (0.3.0)
      sinatra (>= 1.0.0)
    stringex (1.3.0)
    textpow1x (1.2.4)
      plist (>= 3.0.1)
    tilt (1.3.3)
    uuidtools (2.1.2)

PLATFORMS
  ruby

DEPENDENCIES
  dm-core
  dm-migrations
  dm-sqlite-adapter
  dm-timestamps
  dm-types
  dm-validations
  facets
  haml
  rack-pagespeed!
  sass
  shotgun
  sinatra
  sinatra-flash
  ultraviolet1x!
